GEM
  remote: http://rubygems.org/
  specs:
    amq-client (0.8.7)
      amq-protocol (>= 0.8.4)
      eventmachine
    amq-protocol (0.8.4)
    amqp (0.8.4)
      amq-client (~> 0.8.7)
      amq-protocol (~> 0.8.4)
      eventmachine
    eventmachine (0.12.10)
    snappy (0.0.3)
    syslog_protocol (0.9.1)

PLATFORMS
  ruby

DEPENDENCIES
  amqp
  eventmachine
  snappy
  syslog_protocol
